GEM
  remote: https://rubygems.org/
  specs:
    barby (0.6.8)
    mustermann (1.0.3)
    rack (2.0.8)
    rack-protection (2.0.7)
      rack
    sinatra (2.0.7)
      mustermann (~> 1.0)
      rack (~> 2.0)
      rack-protection (= 2.0.7)
      tilt (~> 2.0)
    tilt (2.0.10)

PLATFORMS
  ruby

DEPENDENCIES
  barby
  sinatra

RUBY VERSION
   ruby 2.7.0p-1

BUNDLED WITH
   2.1.0
