GEM
  remote: https://rubygems.org/
  specs:
    barby (0.6.8)
    cairo (1.16.4)
      native-package-installer (>= 1.0.3)
      pkg-config (>= 1.2.2)
    coderay (1.1.2)
    diff-lcs (1.3)
    method_source (0.9.2)
    mustermann (1.0.3)
    native-package-installer (1.0.7)
    pkg-config (1.3.9)
    pry (0.12.2)
      coderay (~> 1.1.0)
      method_source (~> 0.9.0)
    rack (2.0.7)
    rack-protection (2.0.7)
      rack
    rspec (3.8.0)
      rspec-core (~> 3.8.0)
      rspec-expectations (~> 3.8.0)
      rspec-mocks (~> 3.8.0)
    rspec-core (3.8.2)
      rspec-support (~> 3.8.0)
    rspec-expectations (3.8.4)
      diff-lcs (>= 1.2.0, < 2.0)
      rspec-support (~> 3.8.0)
    rspec-mocks (3.8.1)
      diff-lcs (>= 1.2.0, < 2.0)
      rspec-support (~> 3.8.0)
    rspec-support (3.8.2)
    sinatra (2.0.7)
      mustermann (~> 1.0)
      rack (~> 2.0)
      rack-protection (= 2.0.7)
      tilt (~> 2.0)
    tilt (2.0.10)

PLATFORMS
  ruby

DEPENDENCIES
  barby
  cairo
  pry
  rspec
  sinatra

RUBY VERSION
   ruby 2.7.0p-1

BUNDLED WITH
   2.1.0.pre.1
