GEM
  remote: https://rubygems.org/
  specs:
    barby (0.6.9)
    nio4r (2.7.3)
    puma (6.4.2)
      nio4r (~> 2.0)
    rack (3.0.11)
    rack-unreloader (2.1.0)
    rackup (2.1.0)
      rack (>= 3)
      webrick (~> 1.8)
    rake (13.2.1)
    roda (3.80.0)
      rack
    webrick (1.8.1)

PLATFORMS
  ruby
  x86_64-linux

DEPENDENCIES
  barby
  puma
  rack-unreloader
  rackup
  rake
  roda

RUBY VERSION
   ruby 3.3.0p0

BUNDLED WITH
   2.5.6
